GEM
  remote: http://rubygems.org/
  specs:
    activesupport (3.1.0)
      multi_json (~> 1.0)
    addressable (2.2.6)
    crack (0.3.1)
    eventmachine (0.12.10)
    faraday (0.7.4)
      addressable (~> 2.2.6)
      multipart-post (~> 1.1.0)
      rack (< 2, >= 1.1.0)
    faraday_middleware (0.7.0)
      faraday (~> 0.7.3)
    geocoder (1.0.2)
    hashie (1.1.0)
    http_parser.rb (0.5.2)
    httparty (0.8.1)
      multi_json
      multi_xml
    mime-types (1.16)
    multi_json (1.0.3)
    multi_xml (0.4.0)
    multipart-post (1.1.3)
    nokogiri (1.5.0)
    rack (1.3.3)
    simple_oauth (0.1.5)
    tinder (1.7.0)
      activesupport (< 4, >= 2.3)
      eventmachine (~> 0.12)
      faraday (< 0.8, >= 0.6)
      faraday_middleware (< 0.8, >= 0.6)
      hashie (~> 1.0)
      mime-types (~> 1.16)
      multi_json (~> 1.0)
      multipart-post (~> 1.1)
      twitter-stream (~> 0.1)
    twitter (2.1.0)
      activesupport (< 4, >= 2.3.9)
      faraday (~> 0.7)
      multi_json (~> 1.0)
      simple_oauth (~> 0.1)
    twitter-stream (0.1.14)
      eventmachine (>= 0.12.8)
      http_parser.rb (~> 0.5.1)
      simple_oauth (~> 0.1.4)

PLATFORMS
  ruby

DEPENDENCIES
  crack
  geocoder
  httparty
  nokogiri
  tinder
  twitter
